PATH
  remote: .
  specs:
    asca (0.1.0)
      http
      json
      jwt

GEM
  remote: https://rubygems.org/
  specs:
    addressable (2.7.0)
      public_suffix (>= 2.0.2, < 5.0)
    domain_name (0.5.20190701)
      unf (>= 0.0.5, < 1.0.0)
    ffi (1.13.1)
    ffi-compiler (1.0.1)
      ffi (>= 1.0.0)
      rake
    http (4.4.1)
      addressable (~> 2.3)
      http-cookie (~> 1.0)
      http-form_data (~> 2.2)
      http-parser (~> 1.2.0)
    http-cookie (1.0.3)
      domain_name (~> 0.5)
    http-form_data (2.3.0)
    http-parser (1.2.1)
      ffi-compiler (>= 1.0, < 2.0)
    json (2.3.1)
    jwt (2.2.2)
    minitest (5.14.1)
    public_suffix (4.0.5)
    rake (10.5.0)
    unf (0.1.4)
      unf_ext
    unf_ext (0.0.7.7)

PLATFORMS
  ruby

DEPENDENCIES
  asca!
  bundler (~> 2.0)
  minitest (~> 5.0)
  rake (~> 10.0)

BUNDLED WITH
   2.0.2
